GEM
  remote: http://rubygems.org/
  specs:
    activemodel (3.0.10)
      activesupport (= 3.0.10)
      builder (~> 2.1.2)
      i18n (~> 0.5.0)
    activesupport (3.0.10)
    alphadecimal (1.1.2)
    bson (1.3.1)
    bson_ext (1.3.1)
    builder (2.1.2)
    i18n (0.5.0)
    mongo (1.3.1)
      bson (>= 1.3.1)
    mongoid (2.1.9)
      activemodel (~> 3.0)
      mongo (~> 1.3)
      tzinfo (~> 0.3.22)
    rack (1.3.2)
    rack-test (0.6.1)
      rack (>= 1.0)
    sinatra (1.3.0.e)
      rack (~> 1.3)
      tilt (~> 1.3)
    tilt (1.3.3)
    tzinfo (0.3.29)

PLATFORMS
  x86-mingw32

DEPENDENCIES
  alphadecimal
  bson_ext (= 1.3.1)
  mongo (= 1.3.1)
  mongoid (= 2.1.9)
  rack-test
  sinatra (= 1.3.0.e)
